PATH
  remote: .
  specs:
    dm-validations-i18n (0.3.4)
      dm-validations

GEM
  remote: http://rubygems.org/
  specs:
    addressable (2.2.6)
    dm-core (1.2.0)
      addressable (~> 2.2.6)
    dm-validations (1.2.0)
      dm-core (~> 1.2.0)
    shoulda (2.11.3)

PLATFORMS
  ruby

DEPENDENCIES
  dm-validations-i18n!
  shoulda
